PATH
  remote: .
  specs:
    paycargo (0.1.0)
      faraday (~> 0.9)
      faraday_middleware (~> 0.14.0)

GEM
  remote: https://rubygems.org/
  specs:
    diff-lcs (1.5.0)
    dotenv (2.7.6)
    faraday (0.17.4)
      multipart-post (>= 1.2, < 3)
    faraday_middleware (0.14.0)
      faraday (>= 0.7.4, < 1.0)
    io-console (0.5.11)
    irb (1.3.5)
      reline (>= 0.3.0)
    multipart-post (2.1.1)
    rake (13.0.6)
    reline (0.3.1)
      io-console (~> 0.5)
    rspec (3.10.0)
      rspec-core (~> 3.10.0)
      rspec-expectations (~> 3.10.0)
      rspec-mocks (~> 3.10.0)
    rspec-core (3.10.2)
      rspec-support (~> 3.10.0)
    rspec-expectations (3.10.2)
      diff-lcs (>= 1.2.0, < 2.0)
      rspec-support (~> 3.10.0)
    rspec-mocks (3.10.3)
      diff-lcs (>= 1.2.0, < 2.0)
      rspec-support (~> 3.10.0)
    rspec-support (3.10.3)

PLATFORMS
  x86_64-linux

DEPENDENCIES
  dotenv (~> 2.7, >= 2.7.6)
  irb (~> 1.3, >= 1.3.5)
  paycargo!
  rake (~> 13.0)
  rspec (~> 3.0)

BUNDLED WITH
   2.3.0
